{
	"Modality": "MR",
	"MagneticFieldStrength": 3,
	"ImagingFrequency": 123.256,
	"Manufacturer": "Siemens",
	"ManufacturersModelName": "TrioTim",
	"InstitutionName": "CCIR_00299",
	"InstitutionAddress": "Scott Ave.4525, St. Louis, MO, US, 63110",
	"DeviceSerialNumber": "35177",
	"StationName": "MEDPC",
	"BodyPartExamined": "HEAD",
	"PatientPosition": "HFS",
	"ProcedureStepDescription": "head^CORBETTA",
	"SoftwareVersions": "syngo MR B13 4VB13A",
	"MRAcquisitionType": "3D",
	"SeriesDescription": "MPR_1mm_iso",
	"ProtocolName": "MPR_1mm_iso",
	"ScanningSequence": "GR\\IR",
	"SequenceVariant": "SP\\MP",
	"ScanOptions": "IR",
	"SequenceName": "*tfl3d1_ns",
	"ImageType": ["ORIGINAL", "PRIMARY", "M", "ND", "NORM"],
	"SeriesNumber": 4,
	"AcquisitionTime": "15:14:50.580000",
	"AcquisitionNumber": 1,
	"SliceThickness": 1,
	"SAR": 0.0913731,
	"EchoTime": 0.00226,
	"RepetitionTime": 1.95,
	"InversionTime": 0.9,
	"FlipAngle": 9,
	"PartialFourier": 1,
	"BaseResolution": 256,
	"ShimSetting": [
		-194,
		-19526,
		7977,
		339,
		-4,
		-242,
		418,
		-104	],
	"TxRefAmp": 260.888,
	"PhaseResolution": 1,
	"ReceiveCoilName": "HeadMatrix",
	"CoilString": "t:HEA;HEP",
	"PulseSequenceDetails": "%SiemensSeq%\\tfl",
	"RefLinesPE": 24,
	"CoilCombinationMethod": "Adaptive Combine",
	"MatrixCoilMode": "GRAPPA",
	"PercentPhaseFOV": 100,
	"PercentSampling": 100,
	"PhaseEncodingSteps": 255,
	"AcquisitionMatrixPE": 256,
	"ReconMatrixPE": 256,
	"ParallelReductionFactorInPlane": 2,
	"PixelBandwidth": 200,
	"DwellTime": 9.8e-06,
	"ImageOrientationPatientDICOM": [
		-0.0193986,
		0.999164,
		0.0359781,
		0.0152752,
		0.0362768,
		-0.999225	],
	"ImageOrientationText": "Sag>Cor(-1.1)>Tra(-0.9)",
	"InPlanePhaseEncodingDirectionDICOM": "ROW",
	"ConversionSoftware": "dcm2niix",
	"ConversionSoftwareVersion": "v1.0.20211006"
}
